GIT
  remote: git@github.com:rack/rack.git
  revision: f3cf79d6460dc592767941806d1b2b7008f73e01
  tag: 2.1.4
  specs:
    rack (2.1.4)

PATH
  remote: .
  specs:
    dependabot-all-updates-test-staging (0.0.0)
      netaddr (= 2.0.1)

GEM
  remote: https://rubygems.org/
  specs:
    ast (2.4.2)
    citrus (3.0.2)
    jaro_winkler (1.5.4)
    netaddr (2.0.1)
    parallel (1.22.1)
    parser (3.1.2.0)
      ast (~> 2.4.1)
    rainbow (3.1.1)
    rubocop (0.76.0)
      jaro_winkler (~> 1.5.1)
      parallel (~> 1.10)
      parser (>= 2.6)
      rainbow (>= 2.2.2, < 4.0)
      ruby-progressbar (~> 1.7)
      unicode-display_width (>= 1.4.0, < 1.7)
    ruby-progressbar (1.11.0)
    toml-rb (2.2.0)
      citrus (~> 3.0, > 3.0)
    unicode-display_width (1.6.1)

PLATFORMS
  ruby

DEPENDENCIES
  dependabot-all-updates-test-staging!
  rack!
  rubocop (= 0.76.0)
  toml-rb (= 2.2.0)

BUNDLED WITH
   2.1.4
